GEM
  remote: https://rubygems.org/
  specs:
    asciiart (0.0.7)
      rainbow
      rmagick
    colorize (0.8.1)
    equatable (0.6.1)
    mac-say (0.2.1)
    necromancer (0.5.0)
    pastel (0.7.3)
      equatable (~> 0.6)
      tty-color (~> 0.5)
    rainbow (3.0.0)
    rmagick (4.0.0)
    strings-ansi (0.1.0)
    tty-color (0.5.0)
    tty-cursor (0.7.0)
    tty-progressbar (0.17.0)
      strings-ansi (~> 0.1.0)
      tty-cursor (~> 0.7)
      tty-screen (~> 0.7)
      unicode-display_width (~> 1.6)
    tty-prompt (0.19.0)
      necromancer (~> 0.5.0)
      pastel (~> 0.7.0)
      tty-reader (~> 0.6.0)
    tty-reader (0.6.0)
      tty-cursor (~> 0.7)
      tty-screen (~> 0.7)
      wisper (~> 2.0.0)
    tty-screen (0.7.0)
    unicode-display_width (1.6.0)
    wisper (2.0.1)

PLATFORMS
  ruby

DEPENDENCIES
  asciiart (~> 0.0.7)
  colorize (~> 0.8.1)
  mac-say (~> 0.2.1)
  rainbow (~> 3.0)
  tty-progressbar (~> 0.17.0)
  tty-prompt (~> 0.19.0)

BUNDLED WITH
   2.0.2
